GEM
  remote: https://rubygems.org/
  specs:
    asciidoctor (2.0.17)
    asciidoctor-revealjs (5.0.0.rc1)
      asciidoctor (>= 2.0.0, < 3.0.0)
    rake (13.0.1)
    rouge (3.17.0)

PLATFORMS
  ruby

DEPENDENCIES
  asciidoctor-revealjs (= 5.0.0.rc1)
  rake
  rouge

BUNDLED WITH
   2.3.15
